GEM
  remote: http://rubygems.org/
  specs:
    RedCloth (4.2.7)
    actionmailer (2.3.11)
      actionpack (= 2.3.11)
    actionpack (2.3.11)
      activesupport (= 2.3.11)
      rack (~> 1.1.0)
    activerecord (2.3.11)
      activesupport (= 2.3.11)
    activeresource (2.3.11)
      activesupport (= 2.3.11)
    activesupport (2.3.11)
    acts_as_tree (0.1.1)
    after_commit (1.0.8)
      activerecord (< 3.0.0)
    aws-s3 (0.6.2)
      builder
      mime-types
      xml-simple
    babosa (0.2.2)
    builder (3.0.0)
    cancan (1.5.1)
    compass (0.10.6)
      haml (>= 3.0.4)
    crack (0.1.8)
    devise (1.0.8)
      warden (~> 0.10.3)
    formtastic (1.2.3)
      actionpack (>= 2.3.7)
      activesupport (>= 2.3.7)
      i18n (~> 0.4)
    friendly_id (3.2.1)
      babosa (~> 0.2.1)
    haml (3.0.25)
    httparty (0.7.4)
      crack (= 0.1.8)
    i18n (0.5.0)
    jrails (0.6.0)
    mime-types (1.16)
    mysql (2.7)
    paperclip (2.3.8)
      activerecord
      activesupport
    rack (1.1.0)
    rails (2.3.11)
      actionmailer (= 2.3.11)
      actionpack (= 2.3.11)
      activerecord (= 2.3.11)
      activeresource (= 2.3.11)
      activesupport (= 2.3.11)
      rake (>= 0.8.3)
    rake (0.8.7)
    responds_to_parent (1.0.20091013)
    riddle (1.2.2)
    thinking-sphinx (1.3.18)
      activerecord (>= 1.15.6)
      after_commit (>= 1.0.6)
      riddle (>= 1.0.10)
    truncate_html (0.3.2)
    validation_reflection (0.3.8)
    warden (0.10.7)
      rack (>= 1.0.0)
    will_paginate (2.3.11)
    xml-simple (1.0.14)

PLATFORMS
  ruby

DEPENDENCIES
  RedCloth
  acts_as_tree
  aws-s3
  cancan
  compass (>= 0.10.6)
  devise (= 1.0.8)
  formtastic
  friendly_id
  haml
  httparty
  jrails
  mime-types
  mysql (= 2.7)
  paperclip (= 2.3.8)
  rails (= 2.3.11)
  responds_to_parent
  thinking-sphinx (= 1.3.18)
  truncate_html (= 0.3.2)
  validation_reflection (= 0.3.8)
  will_paginate (= 2.3.11)
